PATH
  remote: .
  specs:
    redepth (0.1.0)
      google-protobuf
      redis

GEM
  remote: https://rubygems.org/
  specs:
    google-protobuf (3.6.1)
    rake (10.5.0)
    redis (4.1.0)

PLATFORMS
  ruby

DEPENDENCIES
  bundler (~> 1.17)
  rake (~> 10.0)
  redepth!

BUNDLED WITH
   1.17.2
